GEM
  remote: https://rubygems.org/
  specs:
    fiddle (1.1.8)
    opengl-bindings2 (2.0.4)
      fiddle (~> 1.0)

PLATFORMS
  arm64-darwin-23
  ruby

DEPENDENCIES
  opengl-bindings2

BUNDLED WITH
   2.6.7
